GIT
  remote: git://github.com/pluginaweek/state_machine.git
  revision: 8a3ba81801782ac4ef9d4ace1209d8d50ffccdb0
  specs:
    state_machine (1.2.0)

GEM
  remote: https://rubygems.org/
  specs:
    RedCloth (4.2.9)
    abstract (1.0.0)
    actionmailer (3.0.20)
      actionpack (= 3.0.20)
      mail (~> 2.2.19)
    actionpack (3.0.20)
      activemodel (= 3.0.20)
      activesupport (= 3.0.20)
      builder (~> 2.1.2)
      erubis (~> 2.6.6)
      i18n (~> 0.5.0)
      rack (~> 1.2.5)
      rack-mount (~> 0.6.14)
      rack-test (~> 0.5.7)
      tzinfo (~> 0.3.23)
    activemodel (3.0.20)
      activesupport (= 3.0.20)
      builder (~> 2.1.2)
      i18n (~> 0.5.0)
    activerecord (3.0.20)
      activemodel (= 3.0.20)
      activesupport (= 3.0.20)
      arel (~> 2.0.10)
      tzinfo (~> 0.3.23)
    activerecord-mysql2-adapter (0.0.3)
      mysql2
    activeresource (3.0.20)
      activemodel (= 3.0.20)
      activesupport (= 3.0.20)
    activesupport (3.0.20)
    acts-as-taggable-on (2.0.6)
    addressable (2.3.8)
    airbrake (4.3.0)
      builder
      multi_json
    arel (2.0.10)
    builder (2.1.2)
    capistrano (2.15.5)
      highline
      net-scp (>= 1.0.0)
      net-sftp (>= 2.0.0)
      net-ssh (>= 2.0.14)
      net-ssh-gateway (>= 1.1.0)
    capistrano-ext (1.2.1)
      capistrano (>= 1.0.0)
    capistrano_colors (0.5.5)
    capybara (1.1.4)
      mime-types (>= 1.16)
      nokogiri (>= 1.3.3)
      rack (>= 1.0.0)
      rack-test (>= 0.5.4)
      selenium-webdriver (~> 2.0)
      xpath (~> 0.1.4)
    childprocess (0.5.6)
      ffi (~> 1.0, >= 1.0.11)
    chronic (0.10.2)
    climate_control (0.0.3)
      activesupport (>= 3.0)
    cocaine (0.5.7)
      climate_control (>= 0.0.3, < 1.0)
    crack (0.4.2)
      safe_yaml (~> 1.0.0)
    cucumber (2.0.1)
      builder (>= 2.1.2)
      cucumber-core (~> 1.2.0)
      diff-lcs (>= 1.1.3)
      gherkin (~> 2.12)
      multi_json (>= 1.7.5, < 2.0)
      multi_test (>= 0.1.2)
    cucumber-core (1.2.0)
      gherkin (~> 2.12.0)
    cucumber-rails (1.0.6)
      capybara (>= 1.1.1)
      cucumber (>= 1.0.6)
      nokogiri (>= 1.5.0)
    database_cleaner (1.4.1)
    delayed_job (4.0.6)
      activesupport (>= 3.0, < 5.0)
    diff-lcs (1.2.5)
    domain_name (0.5.24)
      unf (>= 0.0.5, < 1.0.0)
    erubis (2.6.6)
      abstract (>= 1.0.0)
    factory_girl (4.5.0)
      activesupport (>= 3.0.0)
    factory_girl_rails (4.5.0)
      factory_girl (~> 4.5.0)
      railties (>= 3.0.0)
    ffi (1.9.10)
    gherkin (2.12.2)
      multi_json (~> 1.3)
    haml (4.0.6)
      tilt
    has_scope (0.5.1)
    highline (1.7.2)
    hominid (3.0.5)
    http-cookie (1.0.2)
      domain_name (~> 0.5)
    i18n (0.5.4)
    icalendar (2.3.0)
    inherited_resources (1.3.1)
      has_scope (~> 0.5.0)
      responders (~> 0.6)
    json (1.8.3)
    json_pure (1.8.2)
    launchy (2.4.3)
      addressable (~> 2.3)
    liquid (3.0.3)
    mail (2.2.20)
      activesupport (>= 2.3.6)
      i18n (>= 0.4.0)
      mime-types (~> 1.16)
      treetop (~> 1.4.8)
    memcache-client (1.8.5)
    meta_where (1.0.4)
      activerecord (~> 3.0.0)
      activesupport (~> 3.0.0)
      arel (~> 2.0.7)
    mime-types (1.25.1)
    multi_json (1.11.2)
    multi_test (0.1.2)
    mysql (2.9.1)
    mysql2 (0.3.18)
    net-ldap (0.11)
    net-scp (1.2.1)
      net-ssh (>= 2.6.5)
    net-sftp (2.1.2)
      net-ssh (>= 2.6.5)
    net-ssh (2.9.2)
    net-ssh-gateway (1.2.0)
      net-ssh (>= 2.6.5)
    netrc (0.10.3)
    newrelic_rpm (3.12.1.298)
    nokogiri (1.5.5)
    paperclip (4.2.2)
      activemodel (>= 3.0.0)
      activesupport (>= 3.0.0)
      cocaine (~> 0.5.3)
      mime-types
    polyglot (0.3.5)
    pr_geohash (1.0.0)
    puma (2.12.2)
    rack (1.2.8)
    rack-mount (0.6.14)
      rack (>= 1.0.0)
    rack-test (0.5.7)
      rack (>= 1.0)
    rails (3.0.20)
      actionmailer (= 3.0.20)
      actionpack (= 3.0.20)
      activerecord (= 3.0.20)
      activeresource (= 3.0.20)
      activesupport (= 3.0.20)
      bundler (~> 1.0)
      railties (= 3.0.20)
    railties (3.0.20)
      actionpack (= 3.0.20)
      activesupport (= 3.0.20)
      rake (>= 0.8.7)
      rdoc (~> 3.4)
      thor (~> 0.14.4)
    rake (10.4.2)
    rdoc (3.12.2)
      json (~> 1.4)
    refraction (0.2.0)
    responders (0.6.5)
    rest-client (1.8.0)
      http-cookie (>= 1.0.2, < 2.0)
      mime-types (>= 1.16, < 3.0)
      netrc (~> 0.7)
    rsolr (1.0.12)
      builder (>= 2.1.2)
    rspec-core (3.3.2)
      rspec-support (~> 3.3.0)
    rspec-expectations (3.3.1)
      diff-lcs (>= 1.2.0, < 2.0)
      rspec-support (~> 3.3.0)
    rspec-mocks (3.3.2)
      diff-lcs (>= 1.2.0, < 2.0)
      rspec-support (~> 3.3.0)
    rspec-rails (3.3.3)
      actionpack (>= 3.0, < 4.3)
      activesupport (>= 3.0, < 4.3)
      railties (>= 3.0, < 4.3)
      rspec-core (~> 3.3.0)
      rspec-expectations (~> 3.3.0)
      rspec-mocks (~> 3.3.0)
      rspec-support (~> 3.3.0)
    rspec-support (3.3.0)
    rubyzip (0.9.9)
    safe_yaml (1.0.4)
    sass (3.4.16)
    selenium-webdriver (2.35.1)
      childprocess (>= 0.2.5)
      multi_json (~> 1.0)
      rubyzip (< 1.0.0)
      websocket (~> 1.0.4)
    simple_form (2.1.3)
      actionpack (~> 3.0)
      activemodel (~> 3.0)
    sqlite3 (1.3.10)
    sqlite3-ruby (1.3.3)
      sqlite3 (>= 1.3.3)
    steak (2.0.0)
      capybara (>= 1.0.0)
      rspec-rails (>= 2.5.0)
    sunspot (2.2.0)
      pr_geohash (~> 1.0)
      rsolr (~> 1.0.7)
    sunspot_rails (2.2.0)
      nokogiri
      rails (>= 3)
      sunspot (= 2.2.0)
    thor (0.14.6)
    tilt (2.0.1)
    timecop (0.7.4)
    treetop (1.4.15)
      polyglot
      polyglot (>= 0.3.1)
    tzinfo (0.3.44)
    unf (0.1.4)
      unf_ext
    unf_ext (0.0.7.1)
    webmock (1.21.0)
      addressable (>= 2.3.6)
      crack (>= 0.3.2)
    websocket (1.0.7)
    whenever (0.9.4)
      chronic (>= 0.6.3)
    will_paginate (3.0.7)
    xpath (0.1.4)
      nokogiri (~> 1.3)

PLATFORMS
  ruby

DEPENDENCIES
  RedCloth (~> 4.2.3)
  activerecord-mysql2-adapter
  acts-as-taggable-on (~> 2.0.6)
  airbrake
  capistrano
  capistrano-ext
  capistrano_colors
  capybara (< 2.0.0)
  cucumber
  cucumber-rails (~> 1.0.2)
  database_cleaner
  delayed_job
  factory_girl_rails
  haml
  hominid
  icalendar
  inherited_resources
  json_pure
  launchy
  liquid
  memcache-client
  meta_where
  mysql
  net-ldap
  newrelic_rpm
  nokogiri (= 1.5.5)
  paperclip
  puma
  rails (~> 3.0.0)
  rake
  refraction
  rest-client
  rspec-rails
  rubyzip (< 1.0.0)
  sass
  simple_form
  sqlite3-ruby
  state_machine!
  steak (>= 0.4.0.a5)
  sunspot
  sunspot_rails
  timecop
  webmock
  whenever
  will_paginate (~> 3.0.pre2)

BUNDLED WITH
   1.10.5
